GIT
  remote: git://github.com/ast0708/spree_chimpy.git
  revision: 643942a832ef3b6db26b431a8b2af927a8cf867e
  branch: master
  specs:
    spree_chimpy (2.0.0.alpha)
      mailchimp (>= 0.0.9)
      spree_core (~> 3.0.0.beta)

GIT
  remote: git://github.com/ast0708/spree_sitemap.git
  revision: a00e2a385a751b17d046ba4660099061d4399124
  branch: master
  specs:
    spree_sitemap (2.0.0.beta)
      sitemap_generator (~> 4.3.1)
      spree_core (= 3.0.0.beta)

GIT
  remote: git://github.com/ast0708/spree_wishlist.git
  revision: 28acd5c33442de91f6edd0eca5f4c2fda5439f99
  branch: master
  specs:
    spree_wishlist (2.2.0)
      spree_core (~> 3.0.0.beta)

GIT
  remote: git://github.com/spree-contrib/spree_reviews.git
  revision: aaa76230da9cca35e1d7b084922be94266ef9040
  branch: master
  specs:
    spree_reviews (3.0.0.beta)
      spree_core (~> 3.0.0.beta)

GIT
  remote: git://github.com/spree-contrib/spree_social.git
  revision: 1d8c7b6930f700b1886153ba8ef7f38219a19d55
  branch: master
  specs:
    spree_social (3.0.0.beta)
      oa-core
      omniauth
      omniauth-amazon
      omniauth-facebook
      omniauth-github
      omniauth-google-oauth2
      omniauth-twitter
      spree_core (~> 3.0.0.beta)

GIT
  remote: git://github.com/spree/spree.git
  revision: 90bd923af09474475baee7a312d340442d3d5bc7
  specs:
    spree (3.0.0.beta)
      spree_api (= 3.0.0.beta)
      spree_backend (= 3.0.0.beta)
      spree_cmd (= 3.0.0.beta)
      spree_core (= 3.0.0.beta)
      spree_frontend (= 3.0.0.beta)
      spree_sample (= 3.0.0.beta)
    spree_api (3.0.0.beta)
      rabl (~> 0.9.4.pre1)
      spree_core (= 3.0.0.beta)
      versioncake (~> 2.3.1)
    spree_backend (3.0.0.beta)
      bootstrap-sass (~> 3.3.1)
      jquery-rails (~> 3.1.2)
      jquery-ui-rails (~> 5.0.0)
      select2-rails (~> 3.5.0)
      spree_api (= 3.0.0.beta)
      spree_core (= 3.0.0.beta)
      sprockets-rails (~> 2.2.1)
    spree_cmd (3.0.0.beta)
      thor (~> 0.14)
    spree_core (3.0.0.beta)
      activemerchant (~> 1.44.1)
      acts_as_list (~> 0.5.0)
      awesome_nested_set (~> 3.0.1)
      cancancan (~> 1.9.2)
      carmen (~> 1.0.0)
      deface (~> 1.0.0)
      ffaker (~> 1.16)
      font-awesome-rails (~> 4.0)
      friendly_id (~> 5.0.4)
      highline (~> 1.6.18)
      httparty (~> 0.11)
      json (~> 1.7)
      kaminari (~> 0.15, >= 0.15.1)
      monetize (~> 1.1)
      paperclip (~> 4.2.0)
      paranoia (~> 2.0)
      premailer-rails
      rails (~> 4.1.8)
      ransack (~> 1.4.1)
      state_machine (= 1.2.0)
      stringex
      truncate_html (= 0.9.2)
      twitter_cldr (~> 3.0)
    spree_frontend (3.0.0.beta)
      bootstrap-sass (~> 3.3.1)
      canonical-rails (~> 0.0.4)
      jquery-rails (~> 3.1.2)
      spree_api (= 3.0.0.beta)
      spree_core (= 3.0.0.beta)
      sprockets-rails (~> 2.2.1)
    spree_sample (3.0.0.beta)
      spree_core (= 3.0.0.beta)

GIT
  remote: git://github.com/spree/spree_auth_devise.git
  revision: 9d47cfb837cb401721c5294b65f90df364fd912b
  specs:
    spree_auth_devise (3.0.0)
      devise (~> 3.4.1)
      devise-encryptable (= 0.1.2)
      json
      multi_json
      spree_core (~> 3.0.0.beta)

GIT
  remote: git://github.com/spree/spree_gateway.git
  revision: a2872a02272d34fcb1f99a08243b4e437a10340b
  specs:
    spree_gateway (3.0.0.beta)
      spree_core (~> 3.0.0.beta)

GEM
  remote: https://rubygems.org/
  specs:
    Platform (0.4.0)
    actionmailer (4.1.8)
      actionpack (= 4.1.8)
      actionview (= 4.1.8)
      mail (~> 2.5, >= 2.5.4)
    actionpack (4.1.8)
      actionview (= 4.1.8)
      activesupport (= 4.1.8)
      rack (~> 1.5.2)
      rack-test (~> 0.6.2)
    actionview (4.1.8)
      activesupport (= 4.1.8)
      builder (~> 3.1)
      erubis (~> 2.7.0)
    active_utils (2.2.3)
      activesupport (>= 2.3.11)
      i18n
    activemerchant (1.44.1)
      active_utils (~> 2.2.0)
      activesupport (>= 3.2.14, < 5.0.0)
      builder (>= 2.1.2, < 4.0.0)
      i18n (>= 0.6.9)
      json (~> 1.7)
      nokogiri (~> 1.4)
      offsite_payments (~> 2.0.0)
    activemodel (4.1.8)
      activesupport (= 4.1.8)
      builder (~> 3.1)
    activerecord (4.1.8)
      activemodel (= 4.1.8)
      activesupport (= 4.1.8)
      arel (~> 5.0.0)
    activesupport (4.1.8)
      i18n (~> 0.6, >= 0.6.9)
      json (~> 1.7, >= 1.7.7)
      minitest (~> 5.1)
      thread_safe (~> 0.1)
      tzinfo (~> 1.1)
    acts_as_list (0.5.0)
      activerecord (>= 3.0)
    addressable (2.3.6)
    ancestry (2.1.0)
      activerecord (>= 3.0.0)
    annotate (2.6.3)
      activerecord (>= 2.3.0)
      rake (>= 0.8.7)
    arel (5.0.1.20140414130214)
    autoprefixer-rails (5.1.5)
      execjs
      json
    awesome_nested_set (3.0.2)
      activerecord (>= 4.0.0, < 5)
    aws-sdk (1.59.1)
      aws-sdk-v1 (= 1.59.1)
    aws-sdk-v1 (1.59.1)
      json (~> 1.4)
      nokogiri (>= 1.4.4)
    aws_cf_signer (0.1.3)
    bcrypt (3.1.9)
    better_errors (2.1.0)
      coderay (>= 1.0.0)
      erubis (>= 2.6.6)
      rack (>= 0.9.0)
    binding_of_caller (0.7.2)
      debug_inspector (>= 0.0.1)
    bootstrap-sass (3.3.3)
      autoprefixer-rails (>= 5.0.0.1)
      sass (>= 3.2.19)
    builder (3.2.2)
    camertron-eprun (1.1.0)
    cancancan (1.9.2)
    canonical-rails (0.0.7)
      rails (>= 3.1, < 5.0)
    carmen (1.0.1)
      unicode_utils (~> 1.4.0)
    ckeditor (4.0.11)
      mime-types
      orm_adapter (~> 0.5.0)
    cldr-plurals-runtime-rb (1.0.0)
    climate_control (0.0.3)
      activesupport (>= 3.0)
    cloudinary (1.0.79)
      aws_cf_signer
      rest-client
    cocaine (0.5.4)
      climate_control (>= 0.0.3, < 1.0)
    coderay (1.1.0)
    coffee-rails (4.0.1)
      coffee-script (>= 2.2.0)
      railties (>= 4.0.0, < 5.0)
    coffee-script (2.3.0)
      coffee-script-source
      execjs
    coffee-script-source (1.8.0)
    colorize (0.7.5)
    commonjs (0.2.7)
    css_parser (1.3.5)
      addressable
    debug_inspector (0.0.2)
    deface (1.0.1)
      colorize (>= 0.5.8)
      nokogiri (~> 1.6.0)
      polyglot
      rails (>= 3.1)
    delayed_job (4.0.6)
      activesupport (>= 3.0, < 5.0)
    delayed_job_active_record (4.0.3)
      activerecord (>= 3.0, < 5.0)
      delayed_job (>= 3.0, < 4.1)
    devise (3.4.1)
      bcrypt (~> 3.0)
      orm_adapter (~> 0.1)
      railties (>= 3.2.6, < 5)
      responders
      thread_safe (~> 0.1)
      warden (~> 1.2.3)
    devise-encryptable (0.1.2)
      devise (>= 2.1.0)
    erubis (2.7.0)
    execjs (2.2.2)
    faraday (0.9.1)
      multipart-post (>= 1.2, < 3)
    ffaker (1.31.0)
    font-awesome-rails (4.2.0.0)
      railties (>= 3.2, < 5.0)
    friendly_id (5.0.4)
    haml (4.0.6)
      tilt
    hashie (3.3.2)
    highline (1.6.21)
    hike (1.2.3)
    htmlentities (4.3.3)
    httparty (0.13.3)
      json (~> 1.8)
      multi_xml (>= 0.5.2)
    i18n (0.6.11)
    jbuilder (2.2.5)
      activesupport (>= 3.0.0, < 5)
      multi_json (~> 1.2)
    jquery-rails (3.1.2)
      railties (>= 3.0, < 5.0)
      thor (>= 0.14, < 2.0)
    jquery-turbolinks (2.1.0)
      railties (>= 3.1.0)
      turbolinks
    jquery-ui-rails (5.0.3)
      railties (>= 3.2.16)
    json (1.8.1)
    jwt (1.2.1)
    kaminari (0.16.2)
      actionpack (>= 3.0.0)
      activesupport (>= 3.0.0)
    kgio (2.9.3)
    launchy (2.4.2)
      addressable (~> 2.3)
    less (2.6.0)
      commonjs (~> 0.2.7)
    less-rails (2.6.0)
      actionpack (>= 3.1)
      less (~> 2.6.0)
    letter_opener (1.2.0)
      launchy (~> 2.2)
    libv8 (3.16.14.7)
    mail (2.6.3)
      mime-types (>= 1.16, < 3)
    mailchimp (0.0.9)
      httparty
    mime-types (2.4.3)
    mini_portile (0.6.1)
    minitest (5.4.3)
    monetize (1.1.0)
      money (~> 6.5.0)
    money (6.5.0)
      i18n (>= 0.6.4, <= 0.7.0)
    monologue (0.4.1)
      bcrypt (~> 3.1.7)
      ckeditor (~> 4.0.11)
      coffee-rails (~> 4.0.0)
      jquery-rails
      rails (>= 4.0.4)
      sass-rails (~> 4.0.0)
      select2-rails (~> 3.2)
      truncate_html
    multi_json (1.10.1)
    multi_xml (0.5.5)
    multipart-post (2.0.0)
    netrc (0.10.0)
    newrelic_rpm (3.6.6.147)
    nokogiri (1.6.5)
      mini_portile (~> 0.6.0)
    nprogress-rails (0.1.6.6)
    oa-core (0.3.2)
    oauth (0.4.7)
    oauth2 (1.0.0)
      faraday (>= 0.8, < 0.10)
      jwt (~> 1.0)
      multi_json (~> 1.3)
      multi_xml (~> 0.5)
      rack (~> 1.2)
    offsite_payments (2.0.1)
      active_utils (~> 2.2.0)
      activesupport (>= 3.2.14, < 5.0.0)
      builder (>= 2.1.2, < 4.0.0)
      i18n (~> 0.5)
      json (~> 1.7)
      money (< 7.0.0)
      nokogiri (~> 1.4)
    omniauth (1.2.2)
      hashie (>= 1.2, < 4)
      rack (~> 1.0)
    omniauth-amazon (1.0.0)
      omniauth (~> 1.0)
      omniauth-oauth2 (~> 1.1)
    omniauth-facebook (2.0.0)
      omniauth-oauth2 (~> 1.2)
    omniauth-github (1.1.2)
      omniauth (~> 1.0)
      omniauth-oauth2 (~> 1.1)
    omniauth-google-oauth2 (0.2.6)
      omniauth (> 1.0)
      omniauth-oauth2 (~> 1.1)
    omniauth-oauth (1.0.1)
      oauth
      omniauth (~> 1.0)
    omniauth-oauth2 (1.2.0)
      faraday (>= 0.8, < 0.10)
      multi_json (~> 1.3)
      oauth2 (~> 1.0)
      omniauth (~> 1.2)
    omniauth-twitter (1.1.0)
      multi_json (~> 1.3)
      omniauth-oauth (~> 1.0)
    open4 (1.3.4)
    options (2.3.2)
    orm_adapter (0.5.0)
    paperclip (4.2.0)
      activemodel (>= 3.0.0)
      activesupport (>= 3.0.0)
      cocaine (~> 0.5.3)
      mime-types
    paranoia (2.0.4)
      activerecord (~> 4.0)
    pg (0.17.1)
    polyamorous (1.1.0)
      activerecord (>= 3.0)
    polyglot (0.3.5)
    popen4 (0.1.2)
      Platform (>= 0.4.0)
      open4 (>= 0.4.0)
    pr_geohash (1.0.0)
    premailer (1.8.2)
      css_parser (>= 1.3.5)
      htmlentities (>= 4.0.0)
    premailer-rails (1.8.0)
      actionmailer (>= 3, < 5)
      premailer (~> 1.7, >= 1.7.9)
    progress_bar (1.0.3)
      highline (~> 1.6.1)
      options (~> 2.3.0)
    rabl (0.9.4.pre1)
      activesupport (>= 2.3.14)
    rack (1.5.2)
    rack-test (0.6.2)
      rack (>= 1.0)
    rack-timeout (0.2.4)
    rails (4.1.8)
      actionmailer (= 4.1.8)
      actionpack (= 4.1.8)
      actionview (= 4.1.8)
      activemodel (= 4.1.8)
      activerecord (= 4.1.8)
      activesupport (= 4.1.8)
      bundler (>= 1.3.0, < 2.0)
      railties (= 4.1.8)
      sprockets-rails (~> 2.0)
    rails_12factor (0.0.3)
      rails_serve_static_assets
      rails_stdout_logging
    rails_serve_static_assets (0.0.2)
    rails_stdout_logging (0.0.3)
    railties (4.1.8)
      actionpack (= 4.1.8)
      activesupport (= 4.1.8)
      rake (>= 0.8.7)
      thor (>= 0.18.1, < 2.0)
    raindrops (0.13.0)
    rake (10.4.0)
    ransack (1.4.1)
      actionpack (>= 3.0)
      activerecord (>= 3.0)
      activesupport (>= 3.0)
      i18n
      polyamorous (~> 1.1)
    rdoc (4.1.2)
      json (~> 1.4)
    ref (1.0.5)
    responders (1.1.2)
      railties (>= 3.2, < 4.2)
    rest-client (1.7.2)
      mime-types (>= 1.16, < 3.0)
      netrc (~> 0.7)
    rsolr (1.0.10)
      builder (>= 2.1.2)
    sass (3.2.19)
    sass-rails (4.0.5)
      railties (>= 4.0.0, < 5.0)
      sass (~> 3.2.2)
      sprockets (~> 2.8, < 3.0)
      sprockets-rails (~> 2.0)
    sdoc (0.4.1)
      json (~> 1.7, >= 1.7.7)
      rdoc (~> 4.0)
    seed-fu (2.3.4)
      activerecord (>= 3.1, <= 4.2)
      activesupport (>= 3.1, <= 4.2)
    select2-rails (3.5.9.1)
      thor (~> 0.14)
    sitemap_generator (4.3.1)
      builder
    spring (1.2.0)
    sprockets (2.12.3)
      hike (~> 1.2)
      multi_json (~> 1.0)
      rack (~> 1.0)
      tilt (~> 1.1, != 1.3.0)
    sprockets-rails (2.2.2)
      actionpack (>= 3.0)
      activesupport (>= 3.0)
      sprockets (>= 2.8, < 4.0)
    sqlite3 (1.3.10)
    state_machine (1.2.0)
    stringex (2.5.2)
    sunspot (2.1.1)
      pr_geohash (~> 1.0)
      rsolr (~> 1.0.7)
    sunspot_rails (2.1.1)
      nokogiri
      rails (>= 3)
      sunspot (= 2.1.1)
    sunspot_solr (2.1.1)
    sunspot_with_kaminari (0.2.0)
      kaminari (>= 0.14.0)
      sunspot
      sunspot_rails
    therubyracer (0.12.1)
      libv8 (~> 3.16.14.0)
      ref
    thor (0.19.1)
    thread_safe (0.3.4)
    tilt (1.4.1)
    truncate_html (0.9.2)
    turbolinks (2.5.2)
      coffee-rails
    twitter_cldr (3.1.1)
      camertron-eprun
      cldr-plurals-runtime-rb (~> 1.0.0)
      json
      tzinfo
    tzinfo (1.2.2)
      thread_safe (~> 0.1)
    uglifier (2.5.3)
      execjs (>= 0.3.0)
      json (>= 1.8.0)
    unicode_utils (1.4.0)
    unicorn (4.8.3)
      kgio (~> 2.6)
      rack
      raindrops (~> 0.7)
    unicorn-rails (2.2.0)
      rack
      unicorn
    versioncake (2.3.1)
      actionpack (>= 3.2)
      activesupport (>= 3.2)
      railties (>= 3.2)
      tzinfo
    warden (1.2.3)
      rack (>= 1.0)

PLATFORMS
  ruby

DEPENDENCIES
  ancestry
  annotate
  aws-sdk (~> 1.59.1)
  better_errors (~> 2.1.0)
  binding_of_caller
  bootstrap-sass (~> 3.3.3)
  cloudinary
  coffee-rails (~> 4.0.0)
  delayed_job_active_record
  font-awesome-rails
  friendly_id
  haml
  jbuilder (~> 2.0)
  jquery-rails
  jquery-turbolinks
  kaminari
  less-rails (~> 2)
  letter_opener
  monologue
  newrelic_rpm
  nprogress-rails
  omniauth-facebook
  paperclip
  pg
  popen4
  progress_bar
  rack-timeout
  rails (= 4.1.8)
  rails_12factor
  sass-rails (~> 4.0.3)
  sdoc (~> 0.4.0)
  seed-fu
  spree!
  spree_auth_devise!
  spree_chimpy!
  spree_gateway!
  spree_reviews!
  spree_sitemap!
  spree_social!
  spree_wishlist!
  spring
  sprockets-rails (~> 2.2.2)
  sqlite3
  state_machine (= 1.2.0)
  sunspot_rails
  sunspot_solr
  sunspot_with_kaminari (~> 0.2.0)
  therubyracer (~> 0.12.1)
  turbolinks
  uglifier (>= 1.3.0)
  unicorn
  unicorn-rails
